PATH
  remote: .
  specs:
    orgupdatematrix (0.2.0)
      octokit (~> 4)
      octopoller

GEM
  remote: https://rubygems.org/
  specs:
    addressable (2.6.0)
      public_suffix (>= 2.0.2, < 4.0)
    faraday (0.15.4)
      multipart-post (>= 1.2, < 3)
    multipart-post (2.1.1)
    octokit (4.14.0)
      sawyer (~> 0.8.0, >= 0.5.3)
    octopoller (0.1.0)
    public_suffix (3.1.0)
    rake (13.0.3)
    sawyer (0.8.2)
      addressable (>= 2.3.5)
      faraday (> 0.8, < 2.0)

PLATFORMS
  java
  ruby

DEPENDENCIES
  bundler (~> 2.0)
  octokit
  octopoller
  orgupdatematrix!
  rake (~> 13.0)

BUNDLED WITH
   2.0.1
